GEM
  remote: https://rubygems.org/
  specs:
    i18n (0.7.0)
    kgio (2.10.0)
    mail (2.6.3)
      mime-types (>= 1.16, < 3)
    mime-types (2.99)
    pony (1.11)
      mail (>= 2.0)
    rack (1.5.5)
    rack-protection (1.5.3)
      rack
    rack-user-locale (0.0.5)
      i18n
      rack
    raindrops (0.15.0)
    sinatra (1.4.7)
      rack (~> 1.5)
      rack-protection (~> 1.4)
      tilt (>= 1.3, < 3)
    tilt (2.0.2)
    unicorn (5.0.1)
      kgio (~> 2.6)
      rack
      raindrops (~> 0.7)

PLATFORMS
  ruby

DEPENDENCIES
  i18n
  pony
  rack (~> 1.5.2)
  rack-user-locale
  sinatra
  unicorn
