GEM
  remote: https://rubygems.org/
  specs:
    concurrent-ruby (1.1.5)
    i18n (1.8.2)
      concurrent-ruby (~> 1.0)
    mail (2.7.1)
      mini_mime (>= 0.1.1)
    mini_mime (1.0.1)
    mustermann (1.0.3)
    nio4r (2.5.2)
    pony (1.12)
      mail (>= 2.0)
    puma (4.3.1)
      nio4r (~> 2.0)
    rack (2.2.1)
    rack-protection (2.0.4)
      rack
    rack-user-locale (0.1.1)
      i18n
      rack
    sinatra (2.0.4)
      mustermann (~> 1.0)
      rack (~> 2.0)
      rack-protection (= 2.0.4)
      tilt (~> 2.0)
    tilt (2.0.9)

PLATFORMS
  ruby

DEPENDENCIES
  i18n
  pony
  puma (>= 3.12.2)
  rack (>= 2.0.8)
  rack-user-locale (~> 0.1.1)
  sinatra

RUBY VERSION
   ruby 2.6.5p114

BUNDLED WITH
   1.17.3
