GEM
  remote: https://rubygems.org/
  specs:
    i18n (0.7.0)
    kgio (2.9.2)
    mail (2.6.3)
      mime-types (>= 1.16, < 3)
    mime-types (2.4.3)
    pony (1.11)
      mail (>= 2.0)
    rack (1.5.2)
    rack-protection (1.5.3)
      rack
    rack-user-locale (0.0.5)
      i18n
      rack
    raindrops (0.13.0)
    sinatra (1.4.5)
      rack (~> 1.4)
      rack-protection (~> 1.4)
      tilt (~> 1.3, >= 1.3.4)
    tilt (1.4.1)
    unicorn (4.8.3)
      kgio (~> 2.6)
      rack
      raindrops (~> 0.7)

PLATFORMS
  ruby

DEPENDENCIES
  i18n
  pony
  rack (~> 1.5.2)
  rack-user-locale
  sinatra
  unicorn
